GEM
  remote: https://rubygems.org/
  specs:
    ast (2.3.0)
    coderay (1.1.1)
    configatron (4.5.0)
    database_cleaner (1.5.3)
    docile (1.1.5)
    eventmachine (1.2.0.1)
    eventmachine (1.2.0.1-java)
    faye-websocket (0.10.4)
      eventmachine (>= 0.12.0)
      websocket-driver (>= 0.5.1)
    ffi (1.9.14-java)
    json (2.0.2)
    json (2.0.2-java)
    method_source (0.8.2)
    parser (2.3.1.2)
      ast (~> 2.2)
    permessage_deflate (0.1.3)
    powerpack (0.1.1)
    pry (0.10.4)
      coderay (~> 1.1.0)
      method_source (~> 0.8.1)
      slop (~> 3.4)
    pry (0.10.4-java)
      coderay (~> 1.1.0)
      method_source (~> 0.8.1)
      slop (~> 3.4)
      spoon (~> 0.0)
    pry-remote (0.1.8)
      pry (~> 0.9)
      slop (~> 3.0)
    puma (3.6.0)
    puma (3.6.0-java)
    rack (2.0.1)
    rack-test (0.6.3)
      rack (>= 1.0)
    rainbow (2.1.0)
    rubocop (0.42.0)
      parser (>= 2.3.1.1, < 3.0)
      powerpack (~> 0.1)
      rainbow (>= 1.99.1, < 3.0)
      ruby-progressbar (~> 1.7)
      unicode-display_width (~> 1.0, >= 1.0.1)
    ruby-progressbar (1.8.1)
    simplecov (0.12.0)
      docile (~> 1.1.0)
      json (>= 1.8, < 3)
      simplecov-html (~> 0.10.0)
    simplecov-html (0.10.0)
    slop (3.6.0)
    spoon (0.0.6)
      ffi
    unicode-display_width (1.1.1)
    websocket-driver (0.6.4)
      websocket-extensions (>= 0.1.0)
    websocket-driver (0.6.4-java)
      websocket-extensions (>= 0.1.0)
    websocket-extensions (0.1.2)

PLATFORMS
  java
  ruby

DEPENDENCIES
  configatron
  database_cleaner
  faye-websocket
  permessage_deflate
  pry
  pry-remote
  puma
  rack-test
  rubocop
  simplecov

RUBY VERSION
   ruby 2.3.1p112

BUNDLED WITH
   1.13.0
